PATH
  remote: vendor/bundle/bundler/gems/authlogic-03ed66a97174
  specs:
    authlogic (2.1.6)
      activesupport

PATH
  remote: vendor/bundle/bundler/gems/calendar_date_select-8e7ec79435a6
  specs:
    calendar_date_select (1.16.1)

PATH
  remote: vendor/bundle/bundler/gems/communityengine-a9e07d813135
  specs:
    community_engine (2.0.0.beta)
      acts_as_commentable (~> 3.0.0)
      arel (~> 2.1.0)
      authlogic
      aws-s3
      calendar_date_select
      community_engine
      configatron
      dynamic_form
      friendly_id (= 3.2.1)
      haml
      hpricot
      htmlentities
      kaminari
      meta_search (= 1.1.0.pre)
      omniauth (~> 0.2.0.beta3)
      paperclip (~> 2.3)
      prototype-rails
      rack (= 1.3.0.beta)
      rails (= 3.1.0.beta1)
      rails_autolink
      rakismet
      recaptcha
      ri_cal
      simplecov
      sqlite3

GEM
  remote: http://rubygems.org/
  specs:
    actionmailer (3.1.0.beta1)
      actionpack (= 3.1.0.beta1)
      mail (~> 2.3.0)
    actionpack (3.1.0.beta1)
      activemodel (= 3.1.0.beta1)
      activesupport (= 3.1.0.beta1)
      builder (~> 3.0.0)
      erubis (~> 2.7.0)
      i18n (~> 0.6.0beta1)
      rack (~> 1.3.0.beta)
      rack-cache (~> 1.0.1)
      rack-mount (~> 0.7.2)
      rack-test (~> 0.6.0)
      sprockets (~> 2.0.0.beta.2)
      tzinfo (~> 0.3.27)
    activemodel (3.1.0.beta1)
      activesupport (= 3.1.0.beta1)
      bcrypt-ruby (~> 2.1.4)
      builder (~> 3.0.0)
      i18n (~> 0.6.0beta1)
    activerecord (3.1.0.beta1)
      activemodel (= 3.1.0.beta1)
      activesupport (= 3.1.0.beta1)
      arel (~> 2.1.0)
      tzinfo (~> 0.3.27)
    activeresource (3.1.0.beta1)
      activemodel (= 3.1.0.beta1)
      activesupport (= 3.1.0.beta1)
    activesupport (3.1.0.beta1)
      multi_json (~> 1.0)
    acts_as_commentable (3.0.1)
    addressable (2.2.4)
    ansi (1.3.0)
    arel (2.1.3)
    aws-s3 (0.6.2)
      builder
      mime-types
      xml-simple
    babosa (0.2.2)
    bcrypt-ruby (2.1.4)
    builder (3.0.0)
    cocaine (0.1.0)
    coffee-script (2.2.0)
      coffee-script-source
      execjs
    coffee-script-source (1.1.1)
    configatron (2.8.2)
      yamler (>= 0.1.0)
    dynamic_form (1.1.4)
    erubis (2.7.0)
    execjs (1.2.0)
      multi_json (~> 1.0)
    faraday (0.6.1)
      addressable (~> 2.2.4)
      multipart-post (~> 1.1.0)
      rack (>= 1.1.0, < 2)
    friendly_id (3.2.1)
      babosa (~> 0.2.1)
    haml (3.1.2)
    hike (1.2.0)
    hpricot (0.8.4)
    htmlentities (4.3.0)
    i18n (0.6.0)
    jquery-rails (1.0.12)
      railties (~> 3.0)
      thor (~> 0.14)
    kaminari (0.12.4)
      rails (>= 3.0.0)
    kgio (2.6.0)
    mail (2.3.0)
      i18n (>= 0.4.0)
      mime-types (~> 1.16)
      treetop (~> 1.4.8)
    meta_search (1.1.0.pre)
      actionpack (~> 3.1.0.alpha)
      activerecord (~> 3.1.0.alpha)
      activesupport (~> 3.1.0.alpha)
    mime-types (1.16)
    multi_json (1.0.3)
    multi_xml (0.2.2)
    multipart-post (1.1.2)
    mysql2 (0.3.6)
    net-ldap (0.2.2)
    nokogiri (1.4.7)
    oa-basic (0.2.6)
      oa-core (= 0.2.6)
      rest-client (~> 1.6.0)
    oa-core (0.2.6)
    oa-enterprise (0.2.6)
      addressable (= 2.2.4)
      net-ldap (~> 0.2.2)
      nokogiri (~> 1.4.2)
      oa-core (= 0.2.6)
      pyu-ruby-sasl (~> 0.0.3.1)
      rubyntlm (~> 0.1.1)
    oa-more (0.2.6)
      multi_json (~> 1.0.0)
      oa-core (= 0.2.6)
      rest-client (~> 1.6.0)
    oa-oauth (0.2.6)
      faraday (~> 0.6.1)
      multi_json (~> 1.0.0)
      multi_xml (~> 0.2.2)
      oa-core (= 0.2.6)
      oauth (~> 0.4.0)
      oauth2 (~> 0.4.1)
    oa-openid (0.2.6)
      oa-core (= 0.2.6)
      rack-openid (~> 1.3.1)
      ruby-openid-apps-discovery (~> 1.2.0)
    oauth (0.4.5)
    oauth2 (0.4.1)
      faraday (~> 0.6.1)
      multi_json (>= 0.0.5)
    omniauth (0.2.6)
      oa-basic (= 0.2.6)
      oa-core (= 0.2.6)
      oa-enterprise (= 0.2.6)
      oa-more (= 0.2.6)
      oa-oauth (= 0.2.6)
      oa-openid (= 0.2.6)
    paperclip (2.3.15)
      activerecord (>= 2.3.0)
      activesupport (>= 2.3.2)
      cocaine (>= 0.0.2)
      mime-types
    polyglot (0.3.1)
    prototype-rails (0.3.1)
      rails (~> 3.1.0.beta1)
    pyu-ruby-sasl (0.0.3.3)
    rack (1.3.0.beta)
    rack-cache (1.0.2)
      rack (>= 0.4)
    rack-mount (0.7.4)
      rack (>= 1.0.0)
    rack-openid (1.3.1)
      rack (>= 1.1.0)
      ruby-openid (>= 2.1.8)
    rack-ssl (1.3.2)
      rack
    rack-test (0.6.0)
      rack (>= 1.0)
    rails (3.1.0.beta1)
      actionmailer (= 3.1.0.beta1)
      actionpack (= 3.1.0.beta1)
      activerecord (= 3.1.0.beta1)
      activeresource (= 3.1.0.beta1)
      activesupport (= 3.1.0.beta1)
      bundler (~> 1.0)
      railties (= 3.1.0.beta1)
    rails_autolink (1.0.2)
      rails (~> 3.1.0.a)
    railties (3.1.0.beta1)
      actionpack (= 3.1.0.beta1)
      activesupport (= 3.1.0.beta1)
      rack-ssl (~> 1.3.2)
      rake (>= 0.8.7)
      thor (~> 0.14.6)
    raindrops (0.7.0)
    rake (0.9.2)
    rakismet (1.1.0)
    recaptcha (0.3.1)
    rest-client (1.6.3)
      mime-types (>= 1.16)
    ri_cal (0.8.8)
    ruby-openid (2.1.8)
    ruby-openid-apps-discovery (1.2.0)
      ruby-openid (>= 2.1.7)
    rubyntlm (0.1.1)
    sass (3.1.4)
    simplecov (0.4.2)
      simplecov-html (~> 0.4.4)
    simplecov-html (0.4.5)
    sprockets (2.0.0.beta.2)
      hike (~> 1.0)
      rack (~> 1.0)
      tilt (~> 1.0)
    sqlite3 (1.3.3)
    thor (0.14.6)
    tilt (1.3.2)
    treetop (1.4.9)
      polyglot (>= 0.3.1)
    turn (0.8.2)
      ansi (>= 1.2.2)
    tzinfo (0.3.29)
    uglifier (1.0.0)
      execjs (>= 0.3.0)
      multi_json (>= 1.0.2)
    unicorn (4.0.1)
      kgio (~> 2.4)
      rack
      raindrops (~> 0.6)
    xml-simple (1.1.0)
    yamler (0.1.0)

PLATFORMS
  ruby

DEPENDENCIES
  authlogic!
  calendar_date_select!
  coffee-script
  community_engine!
  jquery-rails
  meta_search (= 1.1.0.pre)
  mysql2
  omniauth
  rails (= 3.1.0.beta1)
  sass
  sprockets (= 2.0.0.beta.2)
  turn
  uglifier
  unicorn
